GEM
  remote: https://rubygems.org/
  specs:
    activesupport (5.2.1)
      concurrent-ruby (~> 1.0, >= 1.0.2)
      i18n (>= 0.7, < 2)
      minitest (~> 5.1)
      tzinfo (~> 1.1)
    aws-sdk (2.11.116)
      aws-sdk-resources (= 2.11.116)
    aws-sdk-core (2.11.116)
      aws-sigv4 (~> 1.0)
      jmespath (~> 1.0)
    aws-sdk-resources (2.11.116)
      aws-sdk-core (= 2.11.116)
    aws-sigv4 (1.0.3)
    colored2 (3.1.2)
    concurrent-ruby (1.0.5)
    confidante (0.7.0)
      activesupport (>= 4.0.2)
      hiera (~> 3.3, >= 3.3.1)
    docker-api (1.34.2)
      excon (>= 0.47.0)
      multi_json
    dotenv (2.5.0)
    excon (0.62.0)
    hamster (3.0.0)
      concurrent-ruby (~> 1.0)
    hiera (3.4.4)
    i18n (1.1.0)
      concurrent-ruby (~> 1.0)
    jmespath (1.4.0)
    lino (1.1.0)
      hamster (~> 3.0)
      open4 (~> 1.3)
    minitar (0.6.1)
    minitest (5.11.3)
    multi_json (1.13.1)
    open4 (1.3.4)
    rake (12.3.0)
    rake_dependencies (0.15.1)
      hamster (~> 3.0)
      minitar (~> 0.6)
      rubyzip (~> 1.1)
    rake_docker (0.14.0)
      aws-sdk (~> 2.10)
      docker-api (~> 1.34)
    rake_fly (0.6.0)
      rake_dependencies (~> 0.15)
      ruby_fly (~> 0.4)
    rake_terraform (0.20.0)
      colored2 (~> 3.1)
      rake_dependencies (~> 0.15)
      ruby-terraform (>= 0.11.2)
    ruby-terraform (0.15.0)
      lino (~> 1.1)
    ruby_fly (0.4.1)
      lino (~> 1.1)
    rubyzip (1.2.1)
    semantic (1.6.1)
    thread_safe (0.3.6)
    tzinfo (1.2.5)
      thread_safe (~> 0.1)

PLATFORMS
  ruby

DEPENDENCIES
  activesupport (~> 5.1, >= 5.1.1)
  confidante (~> 0.7)
  docker-api (~> 1.33)
  dotenv (~> 2.2)
  lino (~> 1.1)
  rake (~> 12.3)
  rake_dependencies (~> 0.15)
  rake_docker (~> 0.14)
  rake_fly (~> 0.6)
  rake_terraform (~> 0.20)
  semantic (~> 1.4, >= 1.4.1)

BUNDLED WITH
   1.16.4
